GEM
  remote: https://rubygems.org/
  specs:
    puma (3.6.2)
    rack (2.0.1)

PLATFORMS
  ruby

DEPENDENCIES
  puma
  rack

RUBY VERSION
   ruby 2.3.3p222

BUNDLED WITH
   1.13.7
